GIT
  remote: git://github.com/garethr/librarian-puppet.git
  revision: 0a115222d20915db36f7046d5cb50d61590b4bf9
  branch: forge-release-candidates
  specs:
    librarian-puppet (0.9.7)
      json
      puppet
      thor (~> 0.15)

GEM
  remote: https://rubygems.org/
  specs:
    facter (1.6.16)
    hiera (1.0.0)
    json (1.7.5)
    puppet (3.0.1)
      facter (~> 1.6.11)
      hiera (~> 1.0.0)
    thor (0.16.0)

PLATFORMS
  ruby

DEPENDENCIES
  librarian-puppet!
